GEM
  remote: https://rubygems.org/
  specs:
    activesupport (3.2.13)
      i18n (= 0.6.1)
      multi_json (~> 1.0)
    daemons (1.1.9)
    dropbox-api (0.3.2)
      hashie
      multi_json
      oauth
    eventmachine (1.0.3)
    hashie (2.0.4)
    i18n (0.6.1)
    multi_json (1.7.2)
    nokogiri (1.5.9)
    oauth (0.5.6)
    rack (1.5.2)
    rack-protection (1.5.0)
      rack
    sinatra (1.4.2)
      rack (~> 1.5, >= 1.5.2)
      rack-protection (~> 1.4)
      tilt (~> 1.3, >= 1.3.4)
    thin (1.5.1)
      daemons (>= 1.0.9)
      eventmachine (>= 0.12.6)
      rack (>= 1.0.0)
    tilt (1.4.0)

PLATFORMS
  ruby

DEPENDENCIES
  activesupport
  dropbox-api
  nokogiri
  sinatra
  thin
